GEM
  remote: https://rubygems.org/
  specs:
    anystyle (1.3.14)
      anystyle-data (~> 1.2)
      bibtex-ruby (~> 6.0)
      namae (~> 1.0)
      wapiti (~> 2.0)
    anystyle-data (1.2.0)
    bibtex-ruby (6.0.0)
      latex-decode (~> 0.0)
    builder (3.2.4)
    latex-decode (0.4.0)
    multi_json (1.15.0)
    mustermann (2.0.2)
      ruby2_keywords (~> 0.0.1)
    namae (1.1.1)
    nio4r (2.5.8)
    puma (5.6.5)
      nio4r (~> 2.0)
    rack (2.2.4)
    rack-protection (2.2.2)
      rack
    rexml (3.2.5)
    ruby2_keywords (0.0.5)
    sinatra (2.2.2)
      mustermann (~> 2.0)
      rack (~> 2.2)
      rack-protection (= 2.2.2)
      tilt (~> 2.0)
    sinatra-contrib (2.2.2)
      multi_json
      mustermann (~> 2.0)
      rack-protection (= 2.2.2)
      sinatra (= 2.2.2)
      tilt (~> 2.0)
    sinatra-cors (1.2.0)
    tilt (2.0.11)
    wapiti (2.0.0)
      builder (~> 3.2)
      rexml (~> 3.0)

PLATFORMS
  x64-mingw-ucrt
  x86_64-linux

DEPENDENCIES
  anystyle (~> 1.3, >= 1.3.14)
  puma (~> 5.6, >= 5.6.5)
  sinatra (~> 2.2, >= 2.2.2)
  sinatra-contrib (~> 2.2, >= 2.2.2)
  sinatra-cors (~> 1.2)

BUNDLED WITH
   2.3.22
